GEM
  remote: https://rubygems.org/
  specs:
    amq-protocol (2.0.1)
    bunny (2.2.2)
      amq-protocol (>= 2.0.1)
    figaro (1.1.1)
      thor (~> 0.14)
    serverengine (1.5.11)
      sigdump (~> 0.2.2)
    sigdump (0.2.4)
    sneakers (2.3.5)
      bunny (~> 2.2.0)
      serverengine (~> 1.5.11)
      thor
      thread (~> 0.1.7)
    thor (0.19.1)
    thread (0.1.7)

PLATFORMS
  ruby

DEPENDENCIES
  figaro (= 1.1.1)
  sneakers (= 2.3.5)

BUNDLED WITH
   1.12.5
